GEM
  remote: https://rubygems.org/
  specs:
    algorithms (1.0.1)
    zeitwerk (2.7.1)

PLATFORMS
  arm64-darwin-24
  ruby

DEPENDENCIES
  algorithms
  zeitwerk

BUNDLED WITH
   2.5.18
